GEM
  remote: http://rubygems.org/
  specs:
    httparty (0.9.0)
      multi_json (~> 1.0)
      multi_xml
    multi_json (1.3.7)
    multi_xml (0.5.1)
    rack (1.4.1)
    shotgun (0.9)
      rack (>= 1.0)

PLATFORMS
  ruby

DEPENDENCIES
  httparty
  shotgun
